GEM
  remote: https://rubygems.org/
  specs:
    citrus (3.0.2)
    toml-rb (2.2.0)
      citrus (~> 3.0, > 3.0)

PLATFORMS
  x86_64-linux

DEPENDENCIES
  toml-rb (~> 2.2)

BUNDLED WITH
   2.4.1
